GEM
  remote: http://rubygems.org/
  specs:
    barista (1.3.0)
      coffee-script (~> 2.2)
    coffee-script (2.2.0)
      coffee-script-source
      execjs
    coffee-script-source (1.6.3)
    columnize (0.3.6)
    debugger (1.6.1)
      columnize (>= 0.3.1)
      debugger-linecache (~> 1.2.0)
      debugger-ruby_core_source (~> 1.2.3)
    debugger-linecache (1.2.0)
    debugger-ruby_core_source (1.2.3)
    execjs (2.0.1)
    haml (4.0.3)
      tilt
    mail (2.5.4)
      mime-types (~> 1.16)
      treetop (~> 1.4.8)
    mime-types (1.25)
    polyglot (0.3.3)
    pony (1.5)
      mail (> 2.0)
    r18n-core (1.1.6)
    rack (1.5.2)
    rack-protection (1.5.0)
      rack
    rake (10.1.0)
    sinatra (1.4.3)
      rack (~> 1.4)
      rack-protection (~> 1.4)
      tilt (~> 1.3, >= 1.3.4)
    sinatra-minify (0.2.3)
    sinatra-r18n (1.1.6)
      r18n-core (= 1.1.6)
      sinatra (>= 1.3)
    tilt (1.4.1)
    treetop (1.4.15)
      polyglot
      polyglot (>= 0.3.1)

PLATFORMS
  ruby
  x86-mingw32

DEPENDENCIES
  barista
  debugger
  haml
  pony
  rake
  sinatra
  sinatra-minify
  sinatra-r18n
