GEM
  remote: http://rubygems.org/
  specs:
    barista (1.2.1)
      coffee-script (~> 2.2)
    coffee-script (2.2.0)
      coffee-script-source
      execjs
    coffee-script-source (1.2.0)
    execjs (1.2.13)
      multi_json (~> 1.0)
    haml (3.1.4)
    i18n (0.6.0)
    mail (2.3.0)
      i18n (>= 0.4.0)
      mime-types (~> 1.16)
      treetop (~> 1.4.8)
    mime-types (1.17.2)
    multi_json (1.0.4)
    polyglot (0.3.3)
    pony (1.4)
      mail (> 2.0)
    rack (1.4.0)
    rack-protection (1.2.0)
      rack
    sinatra (1.3.2)
      rack (~> 1.3, >= 1.3.6)
      rack-protection (~> 1.2)
      tilt (~> 1.3, >= 1.3.3)
    sinatra-i18n (0.1.0)
    tilt (1.3.3)
    treetop (1.4.10)
      polyglot
      polyglot (>= 0.3.1)

PLATFORMS
  x86-mingw32

DEPENDENCIES
  barista
  haml
  pony
  sinatra
  sinatra-i18n
